{
    "Modality": "MR",
    "MagneticFieldStrength": 3,
    "ImagingFrequency": 123.246,
    "Manufacturer": "Siemens",
    "ManufacturersModelName": "Prisma_fit",
    "InstitutionName": "NSI MR",
    "InstitutionalDepartmentName": "Department",
    "InstitutionAddress": "Ignaz-Harrer-Strasse 79,Salzburg,Salzburg,AT,5020",
    "DeviceSerialNumber": "167039",
    "StationName": "M2MC013",
    "BodyPartExamined": "BRAIN",
    "PatientPosition": "HFS",
    "ProcedureStepDescription": "final_studies^fmri_ccns",
    "SoftwareVersions": "syngo MR E11",
    "MRAcquisitionType": "3D",
    "SeriesDescription": "T1w_MPR_HCPLIFE",
    "ProtocolName": "T1w_MPR_HCPLIFE",
    "ScanningSequence": "GR\\IR",
    "SequenceVariant": "SK\\SP\\MP",
    "ScanOptions": "IR\\WE",
    "SequenceName": "*tfl3d1_16ns",
    "ImageType": [
        "ORIGINAL",
        "PRIMARY",
        "M",
        "ND",
        "NORM"
    ],
    "SeriesNumber": 9,
    "AcquisitionTime": "15:37:25.337500",
    "AcquisitionNumber": 1,
    "SliceThickness": 0.8,
    "SAR": 0.0356449,
    "EchoTime": 0.00224,
    "RepetitionTime": 2.4,
    "SpoilingState": true,
    "InversionTime": 1.06,
    "FlipAngle": 8,
    "PartialFourier": 1,
    "BaseResolution": 320,
    "ShimSetting": [
        298,
        11488,
        -11371,
        263,
        -56,
        -329,
        -25,
        58
    ],
    "TxRefAmp": 215.214,
    "PhaseResolution": 1,
    "ReceiveCoilName": "HeadNeck_64",
    "ReceiveCoilActiveElements": "HC1-7;NC1",
    "PulseSequenceDetails": "%SiemensSeq%\\tfl",
    "RefLinesPE": 32,
    "CoilCombinationMethod": "Adaptive Combine",
    "ConsistencyInfo": "N4_VE11C_LATEST_20160120",
    "MatrixCoilMode": "GRAPPA",
    "PercentPhaseFOV": 93.75,
    "PercentSampling": 100,
    "PhaseEncodingSteps": 299,
    "AcquisitionMatrixPE": 300,
    "ReconMatrixPE": 300,
    "ParallelReductionFactorInPlane": 2,
    "PixelBandwidth": 210,
    "DwellTime": 7.4e-06,
    "ImageOrientationPatientDICOM": [
        0.0527554,
        0.998596,
        -0.00470756,
        -0.0454178,
        -0.0023099,
        -0.998965
    ],
    "ImageOrientationText": "Sag>Cor(3.0)>Tra(2.6)",
    "InPlanePhaseEncodingDirectionDICOM": "ROW",
    "ConversionSoftware": "dcm2niix",
    "ConversionSoftwareVersion": "v1.0.20211220"
}