{
    "Modality": "MR",
    "MagneticFieldStrength": 3,
    "ImagingFrequency": 123.246,
    "Manufacturer": "Siemens",
    "ManufacturersModelName": "Prisma_fit",
    "InstitutionName": "NSI MR RESEARCH",
    "InstitutionalDepartmentName": "Department",
    "InstitutionAddress": "Ignaz-Harrer-Strasse 79,Salzburg,Salzburg,AT,5020",
    "DeviceSerialNumber": "167039",
    "StationName": "M2MC013",
    "BodyPartExamined": "BRAIN",
    "PatientPosition": "HFS",
    "ProcedureStepDescription": "final_studies^fmri_ccns",
    "SoftwareVersions": "syngo MR E11",
    "MRAcquisitionType": "3D",
    "SeriesDescription": "T1w_MPR_HCPLIFE",
    "ProtocolName": "T1w_MPR_HCPLIFE",
    "ScanningSequence": "GR\\IR",
    "SequenceVariant": "SK\\SP\\MP",
    "ScanOptions": "IR\\WE",
    "SequenceName": "*tfl3d1_16ns",
    "ImageType": [
        "ORIGINAL",
        "PRIMARY",
        "M",
        "ND",
        "NORM"
    ],
    "SeriesNumber": 9,
    "AcquisitionTime": "17:43:50.895000",
    "AcquisitionNumber": 1,
    "SliceThickness": 0.8,
    "SAR": 0.0337843,
    "EchoTime": 0.00224,
    "RepetitionTime": 2.4,
    "SpoilingState": true,
    "InversionTime": 1.06,
    "FlipAngle": 8,
    "PartialFourier": 1,
    "BaseResolution": 320,
    "ShimSetting": [
        323,
        11477,
        -11340,
        252,
        10,
        -349,
        80,
        32
    ],
    "TxRefAmp": 222.046,
    "PhaseResolution": 1,
    "ReceiveCoilName": "HeadNeck_64",
    "ReceiveCoilActiveElements": "HC1-7;NC1",
    "PulseSequenceDetails": "%SiemensSeq%\\tfl",
    "RefLinesPE": 32,
    "CoilCombinationMethod": "Adaptive Combine",
    "ConsistencyInfo": "N4_VE11C_LATEST_20160120",
    "MatrixCoilMode": "GRAPPA",
    "PercentPhaseFOV": 93.75,
    "PercentSampling": 100,
    "PhaseEncodingSteps": 299,
    "AcquisitionMatrixPE": 300,
    "ReconMatrixPE": 300,
    "ParallelReductionFactorInPlane": 2,
    "PixelBandwidth": 210,
    "DwellTime": 7.4e-06,
    "ImageOrientationPatientDICOM": [
        -0.0123236,
        0.999458,
        0.0305385,
        -0.000972428,
        0.0305289,
        -0.999533
    ],
    "ImageOrientationText": "Sag>Cor(-0.7)>Tra(0.0)",
    "InPlanePhaseEncodingDirectionDICOM": "ROW",
    "ConversionSoftware": "dcm2niix",
    "ConversionSoftwareVersion": "v1.0.20211220"
}