{
    "Modality": "MR",
    "MagneticFieldStrength": 3,
    "ImagingFrequency": 123.246,
    "Manufacturer": "Siemens",
    "ManufacturersModelName": "Prisma_fit",
    "InstitutionName": "NSI MR RESEARCH",
    "InstitutionalDepartmentName": "Department",
    "InstitutionAddress": "Ignaz-Harrer-Strasse 79,Salzburg,Salzburg,AT,5020",
    "DeviceSerialNumber": "167039",
    "StationName": "M2MC013",
    "BodyPartExamined": "BRAIN",
    "PatientPosition": "HFS",
    "ProcedureStepDescription": "final_studies^fmri_ccns",
    "SoftwareVersions": "syngo MR E11",
    "MRAcquisitionType": "3D",
    "SeriesDescription": "T1w_MPR_HCPLIFE",
    "ProtocolName": "T1w_MPR_HCPLIFE",
    "ScanningSequence": "GR\\IR",
    "SequenceVariant": "SK\\SP\\MP",
    "ScanOptions": "IR\\WE",
    "SequenceName": "*tfl3d1_16ns",
    "ImageType": [
        "ORIGINAL",
        "PRIMARY",
        "M",
        "ND",
        "NORM"
    ],
    "SeriesNumber": 9,
    "AcquisitionTime": "14:59:49.365000",
    "AcquisitionNumber": 1,
    "SliceThickness": 0.8,
    "SAR": 0.0388658,
    "EchoTime": 0.00224,
    "RepetitionTime": 2.4,
    "SpoilingState": true,
    "InversionTime": 1.06,
    "FlipAngle": 8,
    "PartialFourier": 1,
    "BaseResolution": 320,
    "ShimSetting": [
        312,
        11494,
        -11326,
        208,
        5,
        -258,
        10,
        112
    ],
    "TxRefAmp": 232.509,
    "PhaseResolution": 1,
    "ReceiveCoilName": "HeadNeck_64",
    "ReceiveCoilActiveElements": "HC1-7;NC1,2",
    "PulseSequenceDetails": "%SiemensSeq%\\tfl",
    "RefLinesPE": 32,
    "CoilCombinationMethod": "Adaptive Combine",
    "ConsistencyInfo": "N4_VE11C_LATEST_20160120",
    "MatrixCoilMode": "GRAPPA",
    "PercentPhaseFOV": 93.75,
    "PercentSampling": 100,
    "PhaseEncodingSteps": 299,
    "AcquisitionMatrixPE": 300,
    "ReconMatrixPE": 300,
    "ParallelReductionFactorInPlane": 2,
    "PixelBandwidth": 210,
    "DwellTime": 7.4e-06,
    "ImageOrientationPatientDICOM": [
        0.0444955,
        0.995572,
        -0.0828006,
        -0.0173396,
        -0.0821005,
        -0.996473
    ],
    "ImageOrientationText": "Sag>Cor(2.6)>Tra(0.8)",
    "InPlanePhaseEncodingDirectionDICOM": "ROW",
    "ConversionSoftware": "dcm2niix",
    "ConversionSoftwareVersion": "v1.0.20211220"
}