{
    "Modality": "MR",
    "MagneticFieldStrength": 3,
    "ImagingFrequency": 123.246,
    "Manufacturer": "Siemens",
    "ManufacturersModelName": "Prisma_fit",
    "InstitutionName": "NSI MR RESEARCH",
    "InstitutionalDepartmentName": "Department",
    "InstitutionAddress": "Ignaz-Harrer-Strasse 79,Salzburg,Salzburg,AT,5020",
    "DeviceSerialNumber": "167039",
    "StationName": "M2MC013",
    "BodyPartExamined": "BRAIN",
    "PatientPosition": "HFS",
    "ProcedureStepDescription": "final_studies^fmri_ccns",
    "SoftwareVersions": "syngo MR E11",
    "MRAcquisitionType": "2D",
    "SeriesDescription": "fMRI_SOC21GNG_2.4is56slices_SMS4_1050",
    "ProtocolName": "fMRI_SOC21GNG_2.4is56slices_SMS4_1050",
    "ScanningSequence": "EP",
    "SequenceVariant": "SK\\OSP",
    "ScanOptions": "FS",
    "SequenceName": "*epfid2d1_80",
    "ImageType": [
        "ORIGINAL",
        "PRIMARY",
        "M",
        "ND",
        "NORM",
        "MOSAIC"
    ],
    "SeriesNumber": 7,
    "AcquisitionTime": "18:07:22.910000",
    "AcquisitionNumber": 1,
    "SliceThickness": 2.4,
    "SpacingBetweenSlices": 2.4,
    "SAR": 0.0359038,
    "EchoTime": 0.032,
    "RepetitionTime": 1.05,
    "FlipAngle": 45,
    "PartialFourier": 1,
    "BaseResolution": 80,
    "ShimSetting": [
        334,
        11598,
        -11269,
        410,
        26,
        -124,
        -166,
        8
    ],
    "TxRefAmp": 233.458,
    "PhaseResolution": 1,
    "PhaseOversampling": 0.12,
    "ReceiveCoilName": "HeadNeck_64",
    "ReceiveCoilActiveElements": "HC1-7;NC1,2",
    "PulseSequenceDetails": "%SiemensSeq%\\ep2d_bold",
    "RefLinesPE": 12,
    "CoilCombinationMethod": "Sum of Squares",
    "ConsistencyInfo": "N4_VE11C_LATEST_20160120",
    "MultibandAccelerationFactor": 4,
    "PercentPhaseFOV": 100,
    "PercentSampling": 100,
    "EchoTrainLength": 90,
    "PhaseEncodingSteps": 90,
    "AcquisitionMatrixPE": 80,
    "ReconMatrixPE": 80,
    "BandwidthPerPixelPhaseEncode": 20.202,
    "EffectiveEchoSpacing": 0.000618751,
    "DerivedVendorReportedEchoSpacing": 0.000552456,
    "TotalReadoutTime": 0.0488813,
    "PixelBandwidth": 2230,
    "DwellTime": 2.8e-06,
    "PhaseEncodingDirection": "j-",
    "SliceTiming": [
        0.9575,
        0.885,
        0.81,
        0.7375,
        0.6625,
        0.59,
        0.515,
        0.4425,
        0.37,
        0.295,
        0.2225,
        0.1475,
        0.075,
        0,
        0.9575,
        0.885,
        0.81,
        0.7375,
        0.6625,
        0.59,
        0.515,
        0.4425,
        0.37,
        0.295,
        0.2225,
        0.1475,
        0.075,
        0,
        0.9575,
        0.885,
        0.81,
        0.7375,
        0.6625,
        0.59,
        0.515,
        0.4425,
        0.37,
        0.295,
        0.2225,
        0.1475,
        0.075,
        0,
        0.9575,
        0.885,
        0.81,
        0.7375,
        0.6625,
        0.59,
        0.515,
        0.4425,
        0.37,
        0.295,
        0.2225,
        0.1475,
        0.075,
        0
    ],
    "ImageOrientationPatientDICOM": [
        0.999996,
        -0.000954354,
        -0.00275727,
        -6.47126e-08,
        0.944988,
        -0.327105
    ],
    "ImageOrientationText": "Tra>Cor(-19.1)>Sag(-0.2)",
    "InPlanePhaseEncodingDirectionDICOM": "COL",
    "ConversionSoftware": "dcm2niix",
    "ConversionSoftwareVersion": "v1.0.20211220",
    "TaskName": "soc21gng"
}