{
    "Modality": "MR",
    "MagneticFieldStrength": 3,
    "ImagingFrequency": 123.246,
    "Manufacturer": "Siemens",
    "ManufacturersModelName": "Prisma_fit",
    "InstitutionName": "NSI MR",
    "InstitutionalDepartmentName": "Department",
    "InstitutionAddress": "Ignaz-Harrer-Strasse 79,Salzburg,Salzburg,AT,5020",
    "DeviceSerialNumber": "167039",
    "StationName": "M2MC013",
    "BodyPartExamined": "BRAIN",
    "PatientPosition": "HFS",
    "ProcedureStepDescription": "final_studies^fmri_ccns",
    "SoftwareVersions": "syngo MR E11",
    "MRAcquisitionType": "2D",
    "SeriesDescription": "fMRI_NSIRESTMED_2.4is56slices_SMS4_1050",
    "ProtocolName": "fMRI_NSIRESTMED_2.4is56slices_SMS4_1050",
    "ScanningSequence": "EP",
    "SequenceVariant": "SK\\OSP",
    "ScanOptions": "FS",
    "SequenceName": "*epfid2d1_80",
    "ImageType": [
        "ORIGINAL",
        "PRIMARY",
        "M",
        "ND",
        "NORM",
        "MOSAIC"
    ],
    "SeriesNumber": 8,
    "AcquisitionTime": "13:42:39.660000",
    "AcquisitionNumber": 1,
    "SliceThickness": 2.4,
    "SpacingBetweenSlices": 2.4,
    "SAR": 0.040622,
    "EchoTime": 0.032,
    "RepetitionTime": 1.05,
    "FlipAngle": 45,
    "PartialFourier": 1,
    "BaseResolution": 80,
    "ShimSetting": [
        317,
        11580,
        -11258,
        310,
        -22,
        -71,
        -158,
        20
    ],
    "TxRefAmp": 236.122,
    "PhaseResolution": 1,
    "PhaseOversampling": 0.12,
    "ReceiveCoilName": "HeadNeck_64",
    "ReceiveCoilActiveElements": "HC1-7;NC1,2",
    "PulseSequenceDetails": "%SiemensSeq%\\ep2d_bold",
    "RefLinesPE": 12,
    "CoilCombinationMethod": "Sum of Squares",
    "ConsistencyInfo": "N4_VE11C_LATEST_20160120",
    "MultibandAccelerationFactor": 4,
    "PercentPhaseFOV": 100,
    "PercentSampling": 100,
    "EchoTrainLength": 90,
    "PhaseEncodingSteps": 90,
    "AcquisitionMatrixPE": 80,
    "ReconMatrixPE": 80,
    "BandwidthPerPixelPhaseEncode": 20.202,
    "EffectiveEchoSpacing": 0.000618751,
    "DerivedVendorReportedEchoSpacing": 0.000552456,
    "TotalReadoutTime": 0.0488813,
    "PixelBandwidth": 2230,
    "DwellTime": 2.8e-06,
    "PhaseEncodingDirection": "j-",
    "SliceTiming": [
        0.955,
        0.8825,
        0.81,
        0.735,
        0.6625,
        0.5875,
        0.515,
        0.44,
        0.3675,
        0.295,
        0.22,
        0.1475,
        0.0725,
        0,
        0.955,
        0.8825,
        0.81,
        0.735,
        0.6625,
        0.5875,
        0.515,
        0.44,
        0.3675,
        0.295,
        0.22,
        0.1475,
        0.0725,
        0,
        0.955,
        0.8825,
        0.81,
        0.735,
        0.6625,
        0.5875,
        0.515,
        0.44,
        0.3675,
        0.295,
        0.22,
        0.1475,
        0.0725,
        0,
        0.955,
        0.8825,
        0.81,
        0.735,
        0.6625,
        0.5875,
        0.515,
        0.44,
        0.3675,
        0.295,
        0.22,
        0.1475,
        0.0725,
        0
    ],
    "ImageOrientationPatientDICOM": [
        0.999996,
        -0.000313394,
        -0.00267154,
        -1.99881e-08,
        0.993189,
        -0.116517
    ],
    "ImageOrientationText": "Tra>Cor(-6.7)>Sag(-0.2)",
    "InPlanePhaseEncodingDirectionDICOM": "COL",
    "ConversionSoftware": "dcm2niix",
    "ConversionSoftwareVersion": "v1.0.20211220",
    "TaskName": "rest"
}