{
    "Modality": "MR",
    "MagneticFieldStrength": 3,
    "ImagingFrequency": 123.246,
    "Manufacturer": "Siemens",
    "ManufacturersModelName": "Prisma_fit",
    "InstitutionName": "NSI MR RESEARCH",
    "InstitutionalDepartmentName": "Department",
    "InstitutionAddress": "Ignaz-Harrer-Strasse 79,Salzburg,Salzburg,AT,5020",
    "DeviceSerialNumber": "167039",
    "StationName": "M2MC013",
    "BodyPartExamined": "BRAIN",
    "PatientPosition": "HFS",
    "ProcedureStepDescription": "final_studies^fmri_ccns",
    "SoftwareVersions": "syngo MR E11",
    "MRAcquisitionType": "2D",
    "SeriesDescription": "fMRI_NSIRESTMED_2.4is56slices_SMS4_1050",
    "ProtocolName": "fMRI_NSIRESTMED_2.4is56slices_SMS4_1050",
    "ScanningSequence": "EP",
    "SequenceVariant": "SK\\OSP",
    "ScanOptions": "FS",
    "SequenceName": "*epfid2d1_80",
    "ImageType": [
        "ORIGINAL",
        "PRIMARY",
        "M",
        "ND",
        "NORM",
        "MOSAIC"
    ],
    "SeriesNumber": 8,
    "AcquisitionTime": "17:35:52.100000",
    "AcquisitionNumber": 1,
    "SliceThickness": 2.4,
    "SpacingBetweenSlices": 2.4,
    "SAR": 0.0313772,
    "EchoTime": 0.032,
    "RepetitionTime": 1.05,
    "FlipAngle": 45,
    "PartialFourier": 1,
    "BaseResolution": 80,
    "ShimSetting": [
        325,
        11548,
        -11228,
        537,
        35,
        -17,
        25,
        40
    ],
    "TxRefAmp": 222.046,
    "PhaseResolution": 1,
    "PhaseOversampling": 0.12,
    "ReceiveCoilName": "HeadNeck_64",
    "ReceiveCoilActiveElements": "HC1-7;NC1,2",
    "PulseSequenceDetails": "%SiemensSeq%\\ep2d_bold",
    "RefLinesPE": 12,
    "CoilCombinationMethod": "Sum of Squares",
    "ConsistencyInfo": "N4_VE11C_LATEST_20160120",
    "MultibandAccelerationFactor": 4,
    "PercentPhaseFOV": 100,
    "PercentSampling": 100,
    "EchoTrainLength": 90,
    "PhaseEncodingSteps": 90,
    "AcquisitionMatrixPE": 80,
    "ReconMatrixPE": 80,
    "BandwidthPerPixelPhaseEncode": 20.202,
    "EffectiveEchoSpacing": 0.000618751,
    "DerivedVendorReportedEchoSpacing": 0.000552456,
    "TotalReadoutTime": 0.0488813,
    "PixelBandwidth": 2230,
    "DwellTime": 2.8e-06,
    "PhaseEncodingDirection": "j-",
    "SliceTiming": [
        0.955,
        0.8825,
        0.8075,
        0.735,
        0.66,
        0.5875,
        0.515,
        0.44,
        0.3675,
        0.2925,
        0.22,
        0.145,
        0.0725,
        0,
        0.955,
        0.8825,
        0.8075,
        0.735,
        0.66,
        0.5875,
        0.515,
        0.44,
        0.3675,
        0.2925,
        0.22,
        0.145,
        0.0725,
        0,
        0.955,
        0.8825,
        0.8075,
        0.735,
        0.66,
        0.5875,
        0.515,
        0.44,
        0.3675,
        0.2925,
        0.22,
        0.145,
        0.0725,
        0,
        0.955,
        0.8825,
        0.8075,
        0.735,
        0.66,
        0.5875,
        0.515,
        0.44,
        0.3675,
        0.2925,
        0.22,
        0.145,
        0.0725,
        0
    ],
    "ImageOrientationPatientDICOM": [
        0.999976,
        2.39397e-05,
        0.00695852,
        5.18367e-10,
        0.999994,
        -0.00344041
    ],
    "ImageOrientationText": "Tra>Sag(0.4)>Cor(-0.2)",
    "InPlanePhaseEncodingDirectionDICOM": "COL",
    "ConversionSoftware": "dcm2niix",
    "ConversionSoftwareVersion": "v1.0.20211220",
    "TaskName": "rest"
}