{
    "Modality": "MR",
    "MagneticFieldStrength": 3,
    "ImagingFrequency": 123.246,
    "Manufacturer": "Siemens",
    "ManufacturersModelName": "Prisma_fit",
    "InstitutionName": "NSI MR",
    "InstitutionalDepartmentName": "Department",
    "InstitutionAddress": "Ignaz-Harrer-Strasse 79,Salzburg,Salzburg,AT,5020",
    "DeviceSerialNumber": "167039",
    "StationName": "M2MC013",
    "BodyPartExamined": "BRAIN",
    "PatientPosition": "HFS",
    "ProcedureStepDescription": "final_studies^fmri_ccns",
    "SoftwareVersions": "syngo MR E11",
    "MRAcquisitionType": "2D",
    "SeriesDescription": "gefieldmap_nsiprismaA_56sl2.4iso",
    "ProtocolName": "gefieldmap_nsiprismaA_56sl2.4iso",
    "ScanningSequence": "GR",
    "SequenceVariant": "SP\\OSP",
    "SequenceName": "*fm2d2r",
    "ImageType": [
        "ORIGINAL",
        "PRIMARY",
        "P",
        "ND",
        "PHASE"
    ],
    "SeriesNumber": 6,
    "AcquisitionTime": "15:10:29.120000",
    "AcquisitionNumber": 1,
    "SliceThickness": 2.4,
    "SpacingBetweenSlices": 2.4,
    "SAR": 0.0965865,
    "EchoNumber": 2,
    "EchoTime": 0.00738,
    "RepetitionTime": 0.623,
    "FlipAngle": 60,
    "EchoTime1": 0.00492,
    "EchoTime2": 0.00738,
    "PartialFourier": 1,
    "BaseResolution": 80,
    "ShimSetting": [
        290,
        11540,
        -11279,
        480,
        -108,
        -22,
        -38,
        36
    ],
    "TxRefAmp": 215.214,
    "PhaseResolution": 1,
    "PhaseOversampling": 0.12,
    "ReceiveCoilName": "HeadNeck_64",
    "ReceiveCoilActiveElements": "HC1-7;NC1,2",
    "PulseSequenceDetails": "%SiemensSeq%\\gre_field_mapping",
    "CoilCombinationMethod": "Sum of Squares",
    "ConsistencyInfo": "N4_VE11C_LATEST_20160120",
    "MatrixCoilMode": "SENSE",
    "MultibandAccelerationFactor": 2,
    "PercentPhaseFOV": 100,
    "PercentSampling": 100,
    "PhaseEncodingSteps": 90,
    "AcquisitionMatrixPE": 80,
    "ReconMatrixPE": 80,
    "PixelBandwidth": 595,
    "DwellTime": 1.05e-05,
    "PhaseEncodingDirection": "i",
    "SliceTiming": [
        0.3125,
        0,
        0.3125,
        0,
        0.32812,
        0.01562,
        0.34375,
        0.03125,
        0.34375,
        0.04688,
        0.35938,
        0.04688,
        0.375,
        0.0625,
        0.39062,
        0.07812,
        0.39062,
        0.07812,
        0.40625,
        0.09375,
        0.42188,
        0.10938,
        0.42188,
        0.125,
        0.4375,
        0.125,
        0.45312,
        0.14062,
        0.46875,
        0.15625,
        0.46875,
        0.15625,
        0.48438,
        0.17188,
        0.5,
        0.1875,
        0.5,
        0.1875,
        0.51562,
        0.20312,
        0.53125,
        0.21875,
        0.54688,
        0.23438,
        0.54688,
        0.23438,
        0.5625,
        0.25,
        0.57812,
        0.26562,
        0.57812,
        0.26562,
        0.59375,
        0.28125,
        0.60938,
        0.29688
    ],
    "ImageOrientationPatientDICOM": [
        0.999333,
        -0.00158795,
        -0.0364714,
        -4.465e-11,
        0.999053,
        -0.0434983
    ],
    "ImageOrientationText": "Tra>Cor(-2.5)>Sag(-2.1)",
    "InPlanePhaseEncodingDirectionDICOM": "ROW",
    "ConversionSoftware": "dcm2niix",
    "ConversionSoftwareVersion": "v1.0.20211220",
    "IntendedFor": [
        "func/sub-0811_task-rest_bold.nii",
        "func/sub-0811_task-soc21gng_bold.nii"
    ]
}